GEM
  remote: https://rubygems.org/
  specs:
    chronic_duration (0.10.6)
      numerizer (~> 0.1.1)
    coderay (1.1.3)
    csv (3.3.2)
    diff-lcs (1.6.0)
    httparty (0.22.0)
      csv
      mini_mime (>= 1.0.0)
      multi_xml (>= 0.5.2)
    logger (1.6.6)
    method_source (1.1.0)
    mini_mime (1.1.5)
    multi_xml (0.6.0)
    numerizer (0.1.1)
    pry (0.15.2)
      coderay (~> 1.1)
      method_source (~> 1.0)
    rspec (3.13.0)
      rspec-core (~> 3.13.0)
      rspec-expectations (~> 3.13.0)
      rspec-mocks (~> 3.13.0)
    rspec-core (3.13.3)
      rspec-support (~> 3.13.0)
    rspec-expectations (3.13.3)
      diff-lcs (>= 1.2.0, < 2.0)
      rspec-support (~> 3.13.0)
    rspec-mocks (3.13.2)
      diff-lcs (>= 1.2.0, < 2.0)
      rspec-support (~> 3.13.0)
    rspec-support (3.13.2)

PLATFORMS
  ruby

DEPENDENCIES
  chronic_duration
  httparty
  logger
  pry
  rspec
  rspec-expectations

BUNDLED WITH
   2.1.4
